PATH
  remote: .
  specs:
    cucumber_timing_presenter (1.0.1)
      awesome_print
      cucumber

GEM
  remote: https://rubygems.org/
  specs:
    awesome_print (1.2.0)
    builder (3.2.2)
    cucumber (1.3.11)
      builder (>= 2.1.2)
      diff-lcs (>= 1.1.3)
      gherkin (~> 2.12)
      multi_json (>= 1.7.5, < 2.0)
      multi_test (>= 0.0.2)
    diff-lcs (1.2.5)
    gherkin (2.12.2)
      multi_json (~> 1.3)
    multi_json (1.9.0)
    multi_test (0.0.3)
    rake (10.1.0)
    rspec (2.14.1)
      rspec-core (~> 2.14.0)
      rspec-expectations (~> 2.14.0)
      rspec-mocks (~> 2.14.0)
    rspec-core (2.14.8)
    rspec-expectations (2.14.5)
      diff-lcs (>= 1.1.3, < 2.0)
    rspec-mocks (2.14.6)

PLATFORMS
  ruby

DEPENDENCIES
  bundler (~> 1.3)
  cucumber_timing_presenter!
  rake
  rspec (>= 2.14.1)
